PATH
  remote: .
  specs:
    mongoid_taggable (0.1.1)
      mongoid (~> 2.0.0.beta.20)

GEM
  remote: http://rubygems.org/
  specs:
    activemodel (3.0.3)
      activesupport (= 3.0.3)
      builder (~> 2.1.2)
      i18n (~> 0.4)
    activesupport (3.0.3)
    bson (1.1.2)
    builder (2.1.2)
    database_cleaner (0.6.0)
    diff-lcs (1.1.2)
    i18n (0.5.0)
    mongo (1.1.2)
      bson (>= 1.1.1)
    mongoid (2.0.0.beta.20)
      activemodel (~> 3.0)
      mongo (~> 1.1)
      tzinfo (~> 0.3.22)
      will_paginate (~> 3.0.pre)
    rake (0.8.7)
    rspec (2.1.0)
      rspec-core (~> 2.1.0)
      rspec-expectations (~> 2.1.0)
      rspec-mocks (~> 2.1.0)
    rspec-core (2.1.0)
    rspec-expectations (2.1.0)
      diff-lcs (~> 1.1.2)
    rspec-mocks (2.1.0)
    tzinfo (0.3.23)
    will_paginate (3.0.pre2)

PLATFORMS
  ruby

DEPENDENCIES
  database_cleaner (~> 0.6.0)
  mongoid (~> 2.0.0.beta.20)
  mongoid_taggable!
  rake (~> 0.8.7)
  rspec (~> 2.1.0)
